GEM
  remote: https://rubygems.org/
  specs:
    coderay (1.1.2)
    fxruby (1.6.40)
      mini_portile2 (~> 2.1)
    method_source (0.9.2)
    mini_portile2 (2.4.0)
    pry (0.12.2)
      coderay (~> 1.1.0)
      method_source (~> 0.9.0)

PLATFORMS
  ruby

DEPENDENCIES
  fxruby
  pry

BUNDLED WITH
   2.0.2
